FRAMEWORK: >= NET451
NUGET
  remote: http://api.nuget.org/v3/index.json
    FSharp.Core (4.0.0.1)
    NUnit (2.6.4)
