REDIRECTS: ON
FRAMEWORK: >= NET451
NUGET
  remote: http://api.nuget.org/v3/index.json
    Aether (8.1.2)
    Argu (3.3)
      FSharp.Core (>= 4.0.1.7-alpha) - framework: >= net463
      NETStandard.Library (>= 1.6) - framework: >= net463
      System.Xml.XDocument (>= 4.0.11) - framework: >= net463
    Chiron (6.2)
      Aether (>= 8.0.2 < 9.0)
      FParsec (>= 1.0 < 2.0)
    FAKE (4.39.1)
    FParsec (1.0.2)
    FSharp.Core (4.0.1.7-alpha) - redirects: force
      Microsoft.NETCore.Platforms (>= 1.0.1) - framework: >= net463
      NETStandard.Library (>= 1.6) - framework: >= net463
      System.Linq.Expressions (>= 4.1) - framework: >= net463
      System.Linq.Queryable (>= 4.0.1) - framework: >= net463
      System.Net.Requests (>= 4.0.11) - framework: >= net463
      System.Reflection.Emit (>= 4.0.1) - framework: >= net463
      System.Reflection.TypeExtensions (>= 4.1) - framework: >= net463
      System.Runtime.Loader (>= 4.0) - framework: >= net463
      System.Threading.Tasks.Parallel (>= 4.0.1) - framework: >= net463
      System.Threading.Thread (>= 4.0) - framework: >= net463
      System.Threading.ThreadPool (>= 4.0.10) - framework: >= net463
    Microsoft.NETCore.Platforms (1.0.1) - redirects: force, framework: >= net463
    Microsoft.Win32.Primitives (4.0.1) - redirects: force
    NETStandard.Library (1.6)
      Microsoft.Win32.Primitives (>= 4.0.1) - framework: >= net46
      System.AppContext (>= 4.1) - framework: >= net46
      System.Collections.Concurrent (>= 4.0.12)
      System.Console (>= 4.0) - framework: >= net46
      System.Diagnostics.Tracing (>= 4.1)
      System.Globalization.Calendars (>= 4.0.1) - framework: >= net46
      System.IO.Compression (>= 4.1)
      System.IO.Compression.ZipFile (>= 4.0.1) - framework: >= net46
      System.IO.FileSystem (>= 4.0.1) - framework: >= net46
      System.IO.FileSystem.Primitives (>= 4.0.1) - framework: >= net46
      System.Net.Http (>= 4.1)
      System.Net.Sockets (>= 4.1) - framework: >= net46
      System.Runtime.Handles (>= 4.0.1) - framework: >= net46
      System.Runtime.InteropServices (>= 4.1)
      System.Runtime.InteropServices.RuntimeInformation (>= 4.0)
      System.Runtime.Numerics (>= 4.0.1)
      System.Security.Cryptography.Algorithms (>= 4.2) - framework: >= net46
      System.Security.Cryptography.Encoding (>= 4.0) - framework: >= net46
      System.Security.Cryptography.Primitives (>= 4.0) - framework: >= net46
      System.Security.Cryptography.X509Certificates (>= 4.1) - framework: >= net46
      System.Threading.Timer (>= 4.0.1)
    NUnit (2.6.4)
    NUnit.Runners (2.6.4)
    SemVer.FromAssembly (0.0.6)
      Argu
      Chiron
      FSharp.Core
    System.AppContext (4.1) - redirects: force
    System.Collections.Concurrent (4.0.12) - redirects: force
    System.Console (4.0) - redirects: force
    System.Diagnostics.DiagnosticSource (4.0) - redirects: force, framework: >= net46
    System.Diagnostics.Tracing (4.1) - redirects: force
    System.Globalization.Calendars (4.0.1) - redirects: force
    System.IO (4.1) - redirects: force, framework: >= net463
    System.IO.Compression (4.1) - redirects: force
    System.IO.Compression.ZipFile (4.0.1) - redirects: force
    System.IO.FileSystem (4.0.1) - redirects: force
      System.IO.FileSystem.Primitives (>= 4.0.1) - framework: >= net46
    System.IO.FileSystem.Primitives (4.0.1) - redirects: force
    System.Linq.Expressions (4.1) - redirects: force, framework: >= net463
    System.Linq.Queryable (4.0.1) - redirects: force, framework: >= net463
    System.Net.Http (4.1) - redirects: force
      Microsoft.Win32.Primitives (>= 4.0.1) - framework: >= net46
      System.Diagnostics.DiagnosticSource (>= 4.0) - framework: >= net46
      System.Security.Cryptography.X509Certificates (>= 4.1) - framework: >= net46
    System.Net.Requests (4.0.11) - redirects: force, framework: >= net463
    System.Net.Sockets (4.1) - redirects: force
    System.Reflection (4.1) - redirects: force, framework: >= net463
    System.Reflection.Emit (4.0.1) - redirects: force, framework: >= net463
    System.Reflection.TypeExtensions (4.1) - redirects: force, framework: >= net463
      System.Reflection (>= 4.1) - framework: >= net462
    System.Runtime (4.1) - redirects: force
    System.Runtime.Handles (4.0.1) - redirects: force
    System.Runtime.InteropServices (4.1) - redirects: force
      System.Runtime (>= 4.1) - framework: >= net462
    System.Runtime.InteropServices.RuntimeInformation (4.0) - redirects: force
    System.Runtime.Loader (4.0) - redirects: force, framework: >= net463
    System.Runtime.Numerics (4.0.1) - redirects: force
    System.Security.Cryptography.Algorithms (4.2) - redirects: force
      System.IO (>= 4.1) - framework: >= net463
      System.Runtime (>= 4.1) - framework: >= net463
      System.Security.Cryptography.Encoding (>= 4.0) - framework: >= net463
      System.Security.Cryptography.Primitives (>= 4.0) - framework: net46, net461, >= net463
    System.Security.Cryptography.Encoding (4.0) - redirects: force
    System.Security.Cryptography.Primitives (4.0) - redirects: force
    System.Security.Cryptography.X509Certificates (4.1) - redirects: force
      System.Security.Cryptography.Algorithms (>= 4.2) - framework: >= net46
      System.Security.Cryptography.Encoding (>= 4.0) - framework: >= net46
    System.Threading.Tasks.Parallel (4.0.1) - redirects: force, framework: >= net463
    System.Threading.Thread (4.0) - redirects: force, framework: >= net463
    System.Threading.ThreadPool (4.0.10) - redirects: force, framework: >= net463
    System.Threading.Timer (4.0.1) - redirects: force
    System.Xml.XDocument (4.0.11) - framework: >= net463
