FRAMEWORK: >= NET451
NUGET
  remote: http://api.nuget.org/v3/index.json
    FAKE (4.39.1)
    FSharp.Core (4.0.0.1)
    NUnit (2.6.4)
    NUnit.Runners (2.6.4)
